GIT
  remote: https://github.com/Shopify/packwerk.git
  revision: b113c1d6c21890113c63512bd6b4fbc3356e9151
  branch: main
  specs:
    packwerk (3.2.1)
      activesupport (>= 6.0)
      ast
      better_html
      bundler
      constant_resolver (>= 0.2.0)
      parallel
      parser
      prism (>= 0.25.0)
      sorbet-runtime (>= 0.5.9914)
      zeitwerk (>= 2.6.1)

PATH
  remote: .
  specs:
    danger-packwerk (0.14.4)
      code_ownership
      danger-plugin-api (~> 1.0)
      packs
      packwerk
      parse_packwerk
      sorbet-runtime

GEM
  remote: https://rubygems.org/
  specs:
    actionpack (7.1.3.2)
      actionview (= 7.1.3.2)
      activesupport (= 7.1.3.2)
      nokogiri (>= 1.8.5)
      racc
      rack (>= 2.2.4)
      rack-session (>= 1.0.1)
      rack-test (>= 0.6.3)
      rails-dom-testing (~> 2.2)
      rails-html-sanitizer (~> 1.6)
    actionview (7.1.3.2)
      activesupport (= 7.1.3.2)
      builder (~> 3.1)
      erubi (~> 1.11)
      rails-dom-testing (~> 2.2)
      rails-html-sanitizer (~> 1.6)
    activesupport (7.1.3.2)
      base64
      bigdecimal
      concurrent-ruby (~> 1.0, >= 1.0.2)
      connection_pool (>= 2.2.5)
      drb
      i18n (>= 1.6, < 2)
      minitest (>= 5.1)
      mutex_m
      tzinfo (~> 2.0)
    addressable (2.8.6)
      public_suffix (>= 2.0.2, < 6.0)
    ast (2.4.2)
    base64 (0.2.0)
    better_html (2.1.1)
      actionview (>= 6.0)
      activesupport (>= 6.0)
      ast (~> 2.0)
      erubi (~> 1.4)
      parser (>= 2.4)
      smart_properties
    bigdecimal (3.1.7)
    builder (3.2.4)
    claide (1.1.0)
    claide-plugins (0.9.2)
      cork
      nap
      open4 (~> 1.3)
    code_ownership (1.36.2)
      code_teams (~> 1.0)
      packs-specification
      sorbet-runtime (>= 0.5.11249)
    code_teams (1.0.2)
      sorbet-runtime
    coderay (1.1.3)
    colored2 (3.1.2)
    concurrent-ruby (1.2.3)
    connection_pool (2.4.1)
    constant_resolver (0.2.0)
    cork (0.3.0)
      colored2 (~> 3.1)
    crass (1.0.6)
    danger (9.4.3)
      claide (~> 1.0)
      claide-plugins (>= 0.9.2)
      colored2 (~> 3.1)
      cork (~> 0.1)
      faraday (>= 0.9.0, < 3.0)
      faraday-http-cache (~> 2.0)
      git (~> 1.13)
      kramdown (~> 2.3)
      kramdown-parser-gfm (~> 1.0)
      no_proxy_fix
      octokit (>= 4.0)
      terminal-table (>= 1, < 4)
    danger-plugin-api (1.0.0)
      danger (> 2.0)
    diff-lcs (1.5.1)
    drb (2.2.1)
    erubi (1.12.0)
    faraday (2.9.0)
      faraday-net_http (>= 2.0, < 3.2)
    faraday-http-cache (2.5.1)
      faraday (>= 0.8)
    faraday-net_http (3.1.0)
      net-http
    git (1.19.1)
      addressable (~> 2.8)
      rchardet (~> 1.8)
    i18n (1.14.5)
      concurrent-ruby (~> 1.0)
    io-console (0.7.2)
    irb (1.13.1)
      rdoc (>= 4.0.0)
      reline (>= 0.4.2)
    kramdown (2.4.0)
      rexml
    kramdown-parser-gfm (1.1.0)
      kramdown (~> 2.0)
    loofah (2.22.0)
      crass (~> 1.0.2)
      nokogiri (>= 1.12.0)
    method_source (1.1.0)
    minitest (5.22.3)
    mutex_m (0.2.0)
    nap (1.1.0)
    net-http (0.4.1)
      uri
    netrc (0.11.0)
    no_proxy_fix (0.1.2)
    nokogiri (1.18.5-aarch64-linux-gnu)
      racc (~> 1.4)
    nokogiri (1.18.5-arm64-darwin)
      racc (~> 1.4)
    nokogiri (1.18.5-x86_64-darwin)
      racc (~> 1.4)
    nokogiri (1.18.5-x86_64-linux-gnu)
      racc (~> 1.4)
    octokit (8.1.0)
      base64
      faraday (>= 1, < 3)
      sawyer (~> 0.9)
    open4 (1.3.4)
    packs (0.0.41)
      bigdecimal
      code_ownership (>= 1.33.0)
      packs-specification
      packwerk
      parse_packwerk (>= 0.22.0)
      rainbow
      sorbet-runtime
      thor
      tty-prompt
    packs-specification (0.0.10)
      sorbet-runtime
    parallel (1.24.0)
    parse_packwerk (0.23.0)
      bigdecimal
      sorbet-runtime
    parser (3.3.1.0)
      ast (~> 2.4.1)
      racc
    pastel (0.8.0)
      tty-color (~> 0.5)
    prism (0.28.0)
    pry (0.14.2)
      coderay (~> 1.1)
      method_source (~> 1.0)
    psych (5.1.2)
      stringio
    public_suffix (5.0.5)
    racc (1.7.3)
    rack (3.0.10)
    rack-session (2.0.0)
      rack (>= 3.0.0)
    rack-test (2.1.0)
      rack (>= 1.3)
    rackup (2.1.0)
      rack (>= 3)
      webrick (~> 1.8)
    rails-dom-testing (2.2.0)
      activesupport (>= 5.0.0)
      minitest
      nokogiri (>= 1.6)
    rails-html-sanitizer (1.6.0)
      loofah (~> 2.21)
      nokogiri (~> 1.14)
    railties (7.1.3.2)
      actionpack (= 7.1.3.2)
      activesupport (= 7.1.3.2)
      irb
      rackup (>= 1.0.0)
      rake (>= 12.2)
      thor (~> 1.0, >= 1.2.2)
      zeitwerk (~> 2.6)
    rainbow (3.1.1)
    rake (13.2.1)
    rbi (0.1.13)
      prism (>= 0.18.0, < 1.0.0)
      sorbet-runtime (>= 0.5.9204)
    rchardet (1.8.0)
    rdoc (6.6.3.1)
      psych (>= 4.0.0)
    regexp_parser (2.9.0)
    reline (0.5.5)
      io-console (~> 0.5)
    rexml (3.2.6)
    rspec (3.13.0)
      rspec-core (~> 3.13.0)
      rspec-expectations (~> 3.13.0)
      rspec-mocks (~> 3.13.0)
    rspec-core (3.13.0)
      rspec-support (~> 3.13.0)
    rspec-expectations (3.13.0)
      diff-lcs (>= 1.2.0, < 2.0)
      rspec-support (~> 3.13.0)
    rspec-mocks (3.13.0)
      diff-lcs (>= 1.2.0, < 2.0)
      rspec-support (~> 3.13.0)
    rspec-support (3.13.1)
    rubocop (1.26.1)
      parallel (~> 1.10)
      parser (>= 3.1.0.0)
      rainbow (>= 2.2.2, < 4.0)
      regexp_parser (>= 1.8, < 3.0)
      rexml
      rubocop-ast (>= 1.16.0, < 2.0)
      ruby-progressbar (~> 1.7)
      unicode-display_width (>= 1.4.0, < 3.0)
    rubocop-ast (1.31.3)
      parser (>= 3.3.1.0)
    rubocop-sorbet (0.6.11)
      rubocop (>= 0.90.0)
    ruby-progressbar (1.13.0)
    sawyer (0.9.2)
      addressable (>= 2.3.5)
      faraday (>= 0.17.3, < 3)
    smart_properties (1.17.0)
    sorbet (0.5.11368)
      sorbet-static (= 0.5.11368)
    sorbet-runtime (0.5.11368)
    sorbet-static (0.5.11368-aarch64-linux)
    sorbet-static (0.5.11368-universal-darwin)
    sorbet-static (0.5.11368-x86_64-linux)
    sorbet-static-and-runtime (0.5.11368)
      sorbet (= 0.5.11368)
      sorbet-runtime (= 0.5.11368)
    spoom (1.3.2)
      erubi (>= 1.10.0)
      prism (>= 0.19.0)
      sorbet-static-and-runtime (>= 0.5.10187)
      thor (>= 0.19.2)
    stringio (3.1.0)
    tapioca (0.13.3)
      bundler (>= 2.2.25)
      netrc (>= 0.11.0)
      parallel (>= 1.21.0)
      rbi (>= 0.1.4, < 0.2)
      sorbet-static-and-runtime (>= 0.5.11087)
      spoom (>= 1.2.0)
      thor (>= 1.2.0)
      yard-sorbet
    terminal-table (3.0.2)
      unicode-display_width (>= 1.1.1, < 3)
    thor (1.3.1)
    tty-color (0.6.0)
    tty-cursor (0.7.1)
    tty-prompt (0.23.1)
      pastel (~> 0.8)
      tty-reader (~> 0.8)
    tty-reader (0.9.0)
      tty-cursor (~> 0.7)
      tty-screen (~> 0.8)
      wisper (~> 2.0)
    tty-screen (0.8.2)
    tzinfo (2.0.6)
      concurrent-ruby (~> 1.0)
    unicode-display_width (2.5.0)
    uri (0.13.0)
    webrick (1.8.1)
    wisper (2.0.1)
    yard (0.9.36)
    yard-sorbet (0.8.1)
      sorbet-runtime (>= 0.5)
      yard (>= 0.9)
    zeitwerk (2.6.13)

PLATFORMS
  aarch64-linux
  universal-darwin
  x86_64-linux

DEPENDENCIES
  bundler (~> 2.0)
  danger-packwerk!
  packwerk!
  pry
  railties
  rake
  rspec (~> 3.0)
  rubocop (~> 1.26.0)
  rubocop-sorbet (~> 0.6.0)
  sorbet
  tapioca

BUNDLED WITH
   2.6.6
